GEM
  remote: https://rubygems.org/
  specs:
    better_errors (2.1.1)
      coderay (>= 1.0.0)
      erubis (>= 2.6.6)
      rack (>= 0.9.0)
    coderay (1.1.1)
    erubis (2.7.0)
    mustermann (1.0.0)
    rack (2.0.3)
    rack-protection (2.0.0)
      rack
    sinatra (2.0.0)
      mustermann (~> 1.0)
      rack (~> 2.0)
      rack-protection (= 2.0.0)
      tilt (~> 2.0)
    tilt (2.0.7)

PLATFORMS
  ruby

DEPENDENCIES
  better_errors
  sinatra

BUNDLED WITH
   1.14.6
